NUGET
  remote: http://api.nuget.org/v3/index.json
  specs:
    FAKE (4.12.0)
    FAKE.GitBook (0.0.1)
      FAKE.Lib (>= 4.12.0)
      FSharp.Core
      FSharp.Formatting (>= 2.13.0 < 2.14.0)
    FAKE.Lib (4.12.0)
    FSharp.Compiler.Service (1.4.2.3)
    FSharp.Core (4.0.0.1)
    FSharp.Formatting (2.13.0)
      FSharp.Compiler.Service (>= 1.4.2 < 1.5.0)
      FSharpVSPowerTools.Core (>= 2.2.0 < 2.3.0)
    FSharpVSPowerTools.Core (2.2.0)
      FSharp.Compiler.Service (>= 1.4.2)
    Node.js (5.3.0)
    Npm.js (2.13.1)
      Node.js (>= 0.12.7)
